GIT
  remote: git://github.com/celluloid/reel.git
  revision: b69ad359f19ba72b8b3e72bc7dfeb48c9514f1df
  specs:
    reel (0.6.0)
      celluloid (>= 0.15.1)
      celluloid-io (>= 0.15.0)
      http (>= 0.6.0.pre)
      http_parser.rb (>= 0.6.0)
      websocket_parser (>= 0.1.6)

GIT
  remote: git://github.com/kenichi/angelo.git
  revision: 73fc71decc5d67f203150bdd7649c8e2fcb00a12
  specs:
    angelo (0.4.0pre)
      mime-types (~> 2.4)
      mustermann (~> 0.4)
      reel (~> 0.5)
      tilt (~> 2.0)

GIT
  remote: git://github.com/tarcieri/http.git
  revision: 94072a33c2e6755b8642f23cf13606d967449ade
  specs:
    http (0.6.1)
      http_parser.rb (~> 0.6.0)

GEM
  remote: https://rubygems.org/
  specs:
    celluloid (0.16.0)
      timers (~> 4.0.0)
    celluloid-io (0.16.1)
      celluloid (>= 0.16.0)
      nio4r (>= 1.0.0)
    celluloid-redis (0.0.2)
      celluloid-io (>= 0.13.0.pre)
      redis
    connection_pool (2.1.0)
    hitimes (1.2.2)
    http_parser.rb (0.6.0)
    mime-types (2.4.3)
    mustermann (0.4.0)
      tool (~> 0.2)
    nio4r (1.0.1)
    redis (3.1.0)
    tilt (2.0.1)
    timers (4.0.1)
      hitimes
    tool (0.2.3)
    websocket_parser (0.1.6)

PLATFORMS
  ruby

DEPENDENCIES
  angelo!
  celluloid-redis
  connection_pool
  http!
  reel!
