GIT
  remote: git://github.com/celluloid/reel.git
  revision: 99aa5123ebf97b6276b5a70fcc108052ad52ea69
  specs:
    reel (0.6.0)
      celluloid (>= 0.15.1)
      celluloid-io (>= 0.15.0)
      http (>= 0.6.0.pre)
      http_parser.rb (>= 0.6.0)
      websocket_parser (>= 0.1.6)

GIT
  remote: git://github.com/tarcieri/http.git
  revision: f405671c129f9d5bbf354cef542ea003a79eadcb
  specs:
    http (0.6.1)
      http_parser.rb (~> 0.6.0)

GEM
  remote: https://rubygems.org/
  specs:
    angelo (0.3.0)
      mime-types (~> 2.4)
      reel (~> 0.5)
    celluloid (0.15.2)
      timers (~> 1.1.0)
    celluloid-io (0.15.0)
      celluloid (>= 0.15.0)
      nio4r (>= 0.5.0)
    celluloid-redis (0.0.2)
      celluloid-io (>= 0.13.0.pre)
      redis
    connection_pool (2.0.0)
    http_parser.rb (0.6.0)
    mime-types (2.4.3)
    mustermann (0.2.0)
    nio4r (1.0.0)
    redis (3.1.0)
    tilt (2.0.1)
    timers (1.1.0)
    websocket_parser (0.1.6)

PLATFORMS
  ruby

DEPENDENCIES
  angelo (~> 0.3)
  celluloid-redis
  connection_pool
  http!
  mustermann
  reel!
  tilt
